GEM
  remote: http://rubygems.org/
  specs:
    coderay (1.0.6)
    method_source (0.7.1)
    nokogiri (1.5.2)
    pry (0.9.9.4)
      coderay (~> 1.0.5)
      method_source (~> 0.7.1)
      slop (>= 2.4.4, < 3)
    pry-nav (0.2.1)
      pry (~> 0.9.9)
    slop (2.4.4)

PLATFORMS
  ruby

DEPENDENCIES
  nokogiri
  pry
  pry-nav
